GIT
  remote: git://github.com/biola/weary.git
  revision: b24886e4af9554118697c8e96dfe72cb166c3e97
  branch: preserve_empty_params
  specs:
    weary (1.1.3)
      addressable (~> 2.3)
      multi_json (~> 1.7)
      promise (~> 0.3.0)
      rack (>= 1.4.5, < 2.0)
      simple_oauth (~> 0.2)

GEM
  remote: https://rubygems.org/
  specs:
    actionpack (3.2.22.1)
      activemodel (= 3.2.22.1)
      activesupport (= 3.2.22.1)
      builder (~> 3.0.0)
      erubis (~> 2.7.0)
      journey (~> 1.0.4)
      rack (~> 1.4.5)
      rack-cache (~> 1.2)
      rack-test (~> 0.6.1)
      sprockets (~> 2.2.1)
    activemodel (3.2.22.1)
      activesupport (= 3.2.22.1)
      builder (~> 3.0.0)
    activesupport (3.2.22.1)
      i18n (~> 0.6, >= 0.6.4)
      multi_json (~> 1.0)
    addressable (2.4.0)
    api-auth (1.3.2)
    axiom-types (0.1.1)
      descendants_tracker (~> 0.0.4)
      ice_nine (~> 0.11.0)
      thread_safe (~> 0.3, >= 0.3.1)
    binding_of_caller (0.7.2)
      debug_inspector (>= 0.0.1)
    builder (3.0.4)
    coderay (1.1.1)
    coercible (1.0.0)
      descendants_tracker (~> 0.0.1)
    connection_pool (2.2.2)
    crack (0.4.3)
      safe_yaml (~> 1.0.0)
    debug_inspector (0.0.2)
    descendants_tracker (0.0.4)
      thread_safe (~> 0.3, >= 0.3.1)
    diff-lcs (1.2.5)
    easy_diff (1.0.0)
    email_validator (1.6.0)
      activemodel
    equalizer (0.0.11)
    erubis (2.7.0)
    et-orbi (1.1.6)
      tzinfo
    factory_girl (4.4.0)
      activesupport (>= 3.0.0)
    faker (1.3.0)
      i18n (~> 0.5)
    faraday (0.9.2)
      multipart-post (>= 1.2, < 3)
    fugit (1.1.6)
      et-orbi (~> 1.1, >= 1.1.6)
      raabro (~> 1.1)
    grape (0.14.0)
      activesupport
      builder
      hashie (>= 2.1.0)
      multi_json (>= 1.3.2)
      multi_xml (>= 0.5.2)
      rack (>= 1.3.0)
      rack-accept
      rack-mount
      virtus (>= 1.0.0)
    grape-entity (0.5.0)
      activesupport
      multi_json (>= 1.3.2)
    hashie (3.4.3)
    hashie-forbidden_attributes (0.1.1)
      hashie (>= 3.0)
    hike (1.2.3)
    i18n (0.7.0)
    ice_nine (0.11.2)
    interception (0.5)
    journey (1.0.4)
    method_source (0.8.2)
    mongoid (3.1.7)
      activemodel (~> 3.2)
      moped (~> 1.4)
      origin (~> 1.0)
      tzinfo (~> 0.3.29)
    mongoid-compatibility (0.3.1)
      activesupport
      mongoid (>= 2.0)
    mongoid-history (0.5.0)
      activesupport
      easy_diff
      mongoid (>= 3.0)
      mongoid-compatibility
    moped (1.5.3)
    multi_json (1.11.2)
    multi_xml (0.5.5)
    multipart-post (2.0.0)
    newrelic_rpm (3.15.0.314)
    oj (2.8.1)
    origin (1.1.0)
    pinglish (0.2.1)
      rack
    promise (0.3.1)
    pry (0.9.12.6)
      coderay (~> 1.0)
      method_source (~> 0.8)
      slop (~> 3.4)
    pry-rescue (1.4.2)
      interception (>= 0.5)
      pry
    pry-stack_explorer (0.4.9.2)
      binding_of_caller (>= 0.7)
      pry (>= 0.9.11)
    raabro (1.1.6)
    rack (1.4.7)
    rack-accept (0.4.5)
      rack (>= 0.4)
    rack-cache (1.6.1)
      rack (>= 0.4)
    rack-mount (0.8.3)
      rack (>= 1.0.0)
    rack-protection (2.0.5)
      rack
    rack-test (0.6.3)
      rack (>= 1.0)
    rails_config (0.3.4)
      activesupport (>= 3.0)
    rake (10.2.2)
    redis (4.1.0)
    redis-namespace (1.6.0)
      redis (>= 3.0.4)
    rspec (2.14.1)
      rspec-core (~> 2.14.0)
      rspec-expectations (~> 2.14.0)
      rspec-mocks (~> 2.14.0)
    rspec-core (2.14.8)
    rspec-expectations (2.14.5)
      diff-lcs (>= 1.1.3, < 2.0)
    rspec-mocks (2.14.6)
    ruby-oci8 (2.2.2)
    safe_yaml (1.0.4)
    sentry-raven (0.12.3)
      faraday (>= 0.7.6)
    sidekiq (5.2.3)
      connection_pool (~> 2.2, >= 2.2.2)
      rack-protection (>= 1.5.0)
      redis (>= 3.3.5, < 5)
    sidekiq-cron (1.0.4)
      fugit (~> 1.1)
      sidekiq (>= 4.2.1)
    simple_oauth (0.3.1)
    slop (3.6.0)
    sprockets (2.2.3)
      hike (~> 1.2)
      multi_json (~> 1.0)
      rack (~> 1.0)
      tilt (~> 1.1, != 1.3.0)
    thread_safe (0.3.5)
    tilt (1.4.1)
    trogdir_api (0.4.1)
      api-auth (~> 1.0)
      grape (~> 0.6)
      grape-entity (~> 0.4)
      hashie-forbidden_attributes (~> 0.1)
      newrelic_rpm
      oj
      pinglish
      trogdir_models
      turnout
    trogdir_api_client (0.7.0)
      api-auth (>= 1.3)
      weary (~> 1.0)
    trogdir_models (0.7.0)
      api-auth (~> 1.0)
      email_validator (~> 1.4)
      mongoid (~> 3.0)
      mongoid-history (~> 0.4)
    turnout (2.2.1)
      rack (~> 1.3)
      rack-accept (~> 0.4)
    tzinfo (0.3.55)
    virtus (1.0.5)
      axiom-types (~> 0.1)
      coercible (~> 1.0)
      descendants_tracker (~> 0.0, >= 0.0.3)
      equalizer (~> 0.0, >= 0.0.9)
    webmock (1.17.4)
      addressable (>= 2.2.7)
      crack (>= 0.3.2)

PLATFORMS
  ruby

DEPENDENCIES
  actionpack (~> 3.2.22)
  factory_girl (~> 4.4.0)
  faker (~> 1.3.0)
  oj (~> 2.8.1)
  pry (~> 0.9.12)
  pry-rescue (~> 1.4.0)
  pry-stack_explorer (~> 0.4.9)
  rails_config (~> 0.3.3)
  rake (~> 10.2.2)
  redis-namespace
  rspec (~> 2.14.1)
  ruby-oci8 (~> 2.2.2)
  sentry-raven (~> 0.12.3)
  sidekiq
  sidekiq-cron
  trogdir_api (~> 0.4.0)
  trogdir_api_client (~> 0.7.0)
  weary!
  webmock (~> 1.17.4)

BUNDLED WITH
   1.16.0
